GEM
  remote: http://rubygems.org/
  specs:
    rsync (1.0.8)

PLATFORMS
  ruby

DEPENDENCIES
  rsync
